GEM
  remote: http://rubygems.org/
  specs:
    coderay (1.0.9)
    commonjs (0.2.6)
    daemons (1.1.9)
    eventmachine (1.0.0)
    haml (4.0.0)
      tilt
    kramdown (0.14.2)
    less (2.2.2)
      commonjs (~> 0.2.6)
    libv8 (3.11.8.13)
    rack (1.5.2)
    rack-protection (1.3.2)
      rack
    ref (1.0.2)
    sinatra (1.3.4)
      rack (~> 1.4)
      rack-protection (~> 1.3)
      tilt (~> 1.3, >= 1.3.3)
    therubyracer (0.11.3)
      libv8 (~> 3.11.8.12)
      ref
    thin (1.5.0)
      daemons (>= 1.0.9)
      eventmachine (>= 0.12.6)
      rack (>= 1.0.0)
    tilt (1.3.3)

PLATFORMS
  ruby

DEPENDENCIES
  coderay
  haml
  kramdown
  less
  sinatra
  therubyracer
  thin
